PATH
  remote: .
  specs:
    invoicing (0.2.0)

GEM
  remote: https://rubygems.org/
  specs:
    rake (10.5.0)

PLATFORMS
  ruby

DEPENDENCIES
  bundler (~> 1.10)
  invoicing!
  rake (~> 10.0)

BUNDLED WITH
   1.10.6
